STORAGE: NONE
RESTRICTION: == net8.0
NUGET
  remote: https://api.nuget.org/v3/index.json
    Expecto (10.1)
      FSharp.Core (>= 7.0.200)
      Mono.Cecil (>= 0.11.4 < 1.0)
    Expecto.FsCheck (10.1.0-fscheck3)
      Expecto (>= 10.1)
      FsCheck (>= 3.0.0-beta2)
    Fable.Core (4.3)
    FsCheck (3.0.0-rc1)
      FSharp.Core (>= 5.0.2)
    FSharp.Core (8.0.101)
    Mono.Cecil (0.11.5)
